GEM
  remote: https://rubygems.org/
  specs:
    iron_core (1.0.1)
      rest (>= 2.2.0)
    iron_worker_ng (1.0.1)
      bundler (>= 1.2.0)
      iron_core (>= 1.0.0)
      rubyzip (>= 0.9.9)
    mime-types (1.24)
    net-http-persistent (2.9)
    rest (2.6.3)
      net-http-persistent
      rest-client (>= 0.3.0)
    rest-client (1.6.7)
      mime-types (>= 1.16)
    rubyzip (0.9.9)

PLATFORMS
  ruby

DEPENDENCIES
  iron_worker_ng
